PATH
  remote: .
  specs:
    gcaptcha (0.1.0)

GEM
  remote: https://rubygems.org/
  specs:
    minitest (5.11.3)
    rake (13.0.1)
    rake-compiler (1.0.7)
      rake

PLATFORMS
  ruby

DEPENDENCIES
  bundler (~> 1.17)
  gcaptcha!
  minitest (~> 5.0)
  rake (~> 13.0)
  rake-compiler (~> 1)

BUNDLED WITH
   1.17.2
